GEM
  remote: https://rubygems.org/
  specs:
    addressable (2.8.1)
      public_suffix (>= 2.0.2, < 6.0)
    capybara (3.38.0)
      addressable
      matrix
      mini_mime (>= 0.1.3)
      nokogiri (~> 1.8)
      rack (>= 1.6.0)
      rack-test (>= 0.6.3)
      regexp_parser (>= 1.5, < 3.0)
      xpath (~> 3.2)
    coderay (1.1.3)
    csv (3.2.6)
    matrix (0.4.2)
    method_source (1.0.0)
    mini_mime (1.1.2)
    nokogiri (1.13.10-x86_64-darwin)
      racc (~> 1.4)
    pry (0.14.1)
      coderay (~> 1.1)
      method_source (~> 1.0)
    public_suffix (5.0.1)
    racc (1.6.1)
    rack (3.0.2)
    rack-test (2.0.2)
      rack (>= 1.3)
    regexp_parser (2.6.1)
    xpath (3.2.0)
      nokogiri (~> 1.8)

PLATFORMS
  x86_64-darwin-21

DEPENDENCIES
  capybara (~> 3.38)
  csv (~> 3.2)
  nokogiri (~> 1.13)
  pry (~> 0.14.1)

BUNDLED WITH
   2.3.14
